GEM
  remote: https://rubygems.org/
  specs:
    activesupport (7.0.6)
      concurrent-ruby (~> 1.0, >= 1.0.2)
      i18n (>= 1.6, < 2)
      minitest (>= 5.1)
      tzinfo (~> 2.0)
    carioca (2.1.0)
      deep_merge (~> 1.2)
      i18n (~> 1.10)
      locale (~> 2.1)
      pastel (~> 0.8.0)
      ps-ruby (~> 0.0.4)
      tty-prompt (~> 0.23.1)
      version (~> 1.1)
    concurrent-ruby (1.2.2)
    connection_pool (2.4.1)
    deep_merge (1.2.2)
    et-orbi (1.2.7)
      tzinfo
    fugit (1.8.1)
      et-orbi (~> 1, >= 1.2.7)
      raabro (~> 1.4)
    globalid (1.1.0)
      activesupport (>= 5.0)
    i18n (1.14.1)
      concurrent-ruby (~> 1.0)
    locale (2.1.3)
    minitest (5.18.1)
    pastel (0.8.0)
      tty-color (~> 0.5)
    ps-ruby (0.0.4)
    raabro (1.4.0)
    rack (2.2.7)
    redis (4.8.1)
    sidekiq (6.4.2)
      connection_pool (>= 2.2.2)
      rack (~> 2.0)
      redis (>= 4.2.0)
    sidekiq-cron (1.10.1)
      fugit (~> 1.8)
      globalid (>= 1.0.1)
      sidekiq (>= 6)
    tty-color (0.6.0)
    tty-cursor (0.7.1)
    tty-prompt (0.23.1)
      pastel (~> 0.8)
      tty-reader (~> 0.8)
    tty-reader (0.9.0)
      tty-cursor (~> 0.7)
      tty-screen (~> 0.8)
      wisper (~> 2.0)
    tty-screen (0.8.1)
    tzinfo (2.0.6)
      concurrent-ruby (~> 1.0)
    version (1.1.1)
    wisper (2.0.1)

PLATFORMS
  x86_64-linux

DEPENDENCIES
  carioca (~> 2.0)
  redis (~> 4.6)
  sidekiq (~> 6.4.1)
  sidekiq-cron (~> 1.2)

BUNDLED WITH
   2.3.24
